PATH
  remote: .
  specs:
    ballet (0.1.0)
      nio4r

GEM
  remote: https://rubygems.org/
  specs:
    diff-lcs (1.2.5)
    nio4r (1.2.1)
    rake (10.5.0)
    rspec (3.4.0)
      rspec-core (~> 3.4.0)
      rspec-expectations (~> 3.4.0)
      rspec-mocks (~> 3.4.0)
    rspec-core (3.4.3)
      rspec-support (~> 3.4.0)
    rspec-expectations (3.4.0)
      diff-lcs (>= 1.2.0, < 2.0)
      rspec-support (~> 3.4.0)
    rspec-mocks (3.4.1)
      diff-lcs (>= 1.2.0, < 2.0)
      rspec-support (~> 3.4.0)
    rspec-support (3.4.1)

PLATFORMS
  ruby

DEPENDENCIES
  ballet!
  bundler (~> 1.12)
  rake (~> 10.0)
  rspec (~> 3.0)

BUNDLED WITH
   1.12.5
